GIT
  remote: https://github.com/intrigueio/recog.git
  revision: d6be4b8008add1cc90c69b276c223cf7345e31f1
  specs:
    recog-intrigue (2.3.7)
      nokogiri

GEM
  remote: https://rubygems.org/
  specs:
    coderay (1.1.3)
    diff-lcs (1.4.4)
    dnsruby (1.61.4)
      simpleidn (~> 0.1)
    ethon (0.12.0)
      ffi (>= 1.3.0)
    ffi (1.13.1)
    hitimes (1.3.1)
    json (2.3.1)
    method_source (1.0.0)
    mini_portile2 (2.4.0)
    murmurhash3 (0.1.6)
    nokogiri (1.10.10)
      mini_portile2 (~> 2.4.0)
    openssl (2.2.0)
    pry (0.13.1)
      coderay (~> 1.1)
      method_source (~> 1.0)
    rspec-core (3.9.2)
      rspec-support (~> 3.9.3)
    rspec-expectations (3.9.2)
      diff-lcs (>= 1.2.0, < 2.0)
      rspec-support (~> 3.9.0)
    rspec-support (3.9.3)
    simpleidn (0.1.1)
      unf (~> 0.1.4)
    slop (4.8.2)
    snmp (1.3.2)
    socketry (0.5.1)
      hitimes (~> 1.2)
    typhoeus (1.4.0)
      ethon (>= 0.9.0)
    unf (0.1.4)
      unf_ext
    unf_ext (0.0.7.7)

PLATFORMS
  ruby

DEPENDENCIES
  dnsruby
  json
  murmurhash3
  openssl
  pry
  recog-intrigue!
  rspec-core
  rspec-expectations
  slop
  snmp
  socketry
  typhoeus

RUBY VERSION
   ruby 2.6.5p114

BUNDLED WITH
   2.1.4
