GIT
  remote: https://github.com/intrigueio/recog.git
  revision: d6be4b8008add1cc90c69b276c223cf7345e31f1
  specs:
    recog-intrigue (2.3.7)
      nokogiri

PATH
  remote: .
  specs:
    intrigue-ident (5.6.93)
      dnsruby
      mongo
      murmurhash3
      recog-intrigue
      snmp
      socketry
      typhoeus

GEM
  remote: https://rubygems.org/
  specs:
    bindata (2.4.10)
    bson (4.12.1)
    coderay (1.1.3)
    diff-lcs (1.4.4)
    dnsruby (1.61.7)
      simpleidn (~> 0.1)
    ethon (0.14.0)
      ffi (>= 1.15.0)
    ffi (1.15.4)
    hitimes (1.3.1)
    json (2.5.1)
    method_source (1.0.0)
    mini_portile2 (2.6.1)
    mongo (2.15.1)
      bson (>= 4.8.2, < 5.0.0)
    murmurhash3 (0.1.6)
    nokogiri (1.12.4)
      mini_portile2 (~> 2.6.1)
      racc (~> 1.4)
    openssl (2.2.0)
    openssl-ccm (1.2.2)
    openssl-cmac (2.0.1)
    pry (0.14.1)
      coderay (~> 1.1)
      method_source (~> 1.0)
    racc (1.5.2)
    redis (4.4.0)
    rspec (3.10.0)
      rspec-core (~> 3.10.0)
      rspec-expectations (~> 3.10.0)
      rspec-mocks (~> 3.10.0)
    rspec-core (3.10.1)
      rspec-support (~> 3.10.0)
    rspec-expectations (3.10.1)
      diff-lcs (>= 1.2.0, < 2.0)
      rspec-support (~> 3.10.0)
    rspec-mocks (3.10.2)
      diff-lcs (>= 1.2.0, < 2.0)
      rspec-support (~> 3.10.0)
    rspec-support (3.10.2)
    ruby_smb (2.0.11)
      bindata
      openssl-ccm
      openssl-cmac
      rubyntlm
      windows_error
    rubyntlm (0.6.3)
    simpleidn (0.2.1)
      unf (~> 0.1.4)
    slop (4.9.1)
    snmp (1.3.2)
    socketry (0.5.1)
      hitimes (~> 1.2)
    typhoeus (1.4.0)
      ethon (>= 0.9.0)
    unf (0.1.4)
      unf_ext
    unf_ext (0.0.8)
    windows_error (0.1.2)

PLATFORMS
  ruby

DEPENDENCIES
  dnsruby
  intrigue-ident!
  json
  murmurhash3
  openssl
  pry
  recog-intrigue!
  redis
  rspec (~> 3.0)
  rspec-core
  rspec-expectations
  ruby_smb
  slop
  snmp
  socketry
  typhoeus

RUBY VERSION
   ruby 2.7.2p137

BUNDLED WITH
   2.2.16
